GEM
  remote: http://rubygems.org/
  specs:
    builder (3.0.0)
    colored (1.2)
    excon (0.13.4)
    fog (1.3.1)
      builder
      excon (~> 0.13.0)
      formatador (~> 0.2.0)
      mime-types
      multi_json (~> 1.0)
      net-scp (~> 1.0.4)
      net-ssh (>= 2.1.3)
      nokogiri (~> 1.5.0)
      ruby-hmac
    formatador (0.2.3)
    mime-types (1.19)
    mixlib-cli (1.2.2)
    multi_json (1.3.6)
    net-scp (1.0.4)
      net-ssh (>= 1.99.1)
    net-ssh (2.5.2)
    nokogiri (1.5.5)
    ruby-hmac (0.4.0)
    terminal-table (1.4.5)

PLATFORMS
  ruby

DEPENDENCIES
  colored
  fog (~> 1.3.1)
  mixlib-cli
  terminal-table
